GEM
  remote: https://rubygems.org/
  specs:
    base64 (0.3.0)
    byebug (12.0.0)
    coderay (1.1.3)
    dotenv (3.1.8)
    erector (0.10.0)
      treetop (>= 1.2.3)
    logger (1.7.0)
    method_source (1.1.0)
    multi_json (1.17.0)
    mustermann (3.0.4)
      ruby2_keywords (~> 0.0.1)
    nio4r (2.7.4)
    polyglot (0.3.5)
    pry (0.15.2)
      coderay (~> 1.1)
      method_source (~> 1.0)
    pry-byebug (3.11.0)
      byebug (~> 12.0)
      pry (>= 0.13, < 0.16)
    puma (6.6.1)
      nio4r (~> 2.0)
    rack (3.2.0)
    rack-protection (4.1.1)
      base64 (>= 0.1.0)
      logger (>= 1.6.0)
      rack (>= 3.0.0, < 4)
    rack-session (2.1.1)
      base64 (>= 0.1.0)
      rack (>= 3.0.0)
    ruby2_keywords (0.0.5)
    sinatra (4.1.1)
      logger (>= 1.6.0)
      mustermann (~> 3.0)
      rack (>= 3.0.0, < 4)
      rack-protection (= 4.1.1)
      rack-session (>= 2.0.0, < 3)
      tilt (~> 2.0)
    sinatra-contrib (4.1.1)
      multi_json (>= 0.0.2)
      mustermann (~> 3.0)
      rack-protection (= 4.1.1)
      sinatra (= 4.1.1)
      tilt (~> 2.0)
    sinatra-reloader (1.0)
      sinatra-contrib
    tilt (2.6.1)
    treetop (1.6.14)
      polyglot (~> 0.3)

PLATFORMS
  ruby
  x86_64-linux

DEPENDENCIES
  dotenv
  erector
  pry-byebug
  puma
  sinatra
  sinatra-reloader

BUNDLED WITH
   2.7.1
